PATH
  remote: .
  specs:
    fitbit-to-graphite (0.2.0)
      choice
      fitgem
      tzinfo

GEM
  remote: https://rubygems.org/
  specs:
    choice (0.1.6)
    fitgem (0.9.0)
      oauth
    oauth (0.4.7)
    thread_safe (0.3.3)
    tzinfo (1.1.0)
      thread_safe (~> 0.1)

PLATFORMS
  ruby

DEPENDENCIES
  fitbit-to-graphite!
